GEM
  remote: https://rubygems.org/
  specs:
    byebug (11.1.3)
    httparty (0.20.0)
      mime-types (~> 3.0)
      multi_xml (>= 0.5.2)
    lefthook (0.7.7)
    mime-types (3.4.1)
      mime-types-data (~> 3.2015)
    mime-types-data (3.2022.0105)
    multi_xml (0.6.0)
    nokogiri (1.13.3-x86_64-linux)
      racc (~> 1.4)
    prettier (2.0.0)
    racc (1.6.0)

PLATFORMS
  x86_64-linux

DEPENDENCIES
  byebug
  httparty
  lefthook (~> 0.7.7)
  nokogiri
  prettier

BUNDLED WITH
   2.3.7
